GEM
  remote: https://rubygems.org/
  specs:
    byebug (9.0.6)
    docile (1.1.5)
    json (2.0.2)
    simplecov (0.12.0)
      docile (~> 1.1.0)
      json (>= 1.8, < 3)
      simplecov-html (~> 0.10.0)
    simplecov-html (0.10.0)

PLATFORMS
  ruby

DEPENDENCIES
  byebug
  simplecov

BUNDLED WITH
   1.13.6
